GEM
  remote: https://rubygems.org/
  specs:
    activesupport (4.0.1)
      i18n (~> 0.6, >= 0.6.4)
      minitest (~> 4.2)
      multi_json (~> 1.3)
      thread_safe (~> 0.1)
      tzinfo (~> 0.3.37)
    atomic (1.1.14)
    celluloid (0.15.2)
      timers (~> 1.1.0)
    celluloid-http (0.0.7)
      activesupport
      celluloid-io
      http_parser.rb
      rack
    celluloid-io (0.15.0)
      celluloid (>= 0.15.0)
      nio4r (>= 0.5.0)
    diff-lcs (1.2.5)
    http (0.5.0)
      http_parser.rb
    http_parser.rb (0.6.0.beta.2)
    i18n (0.6.5)
    minitest (4.7.5)
    multi_json (1.8.2)
    nio4r (0.5.0)
    rack (1.5.2)
    reel (0.4.0)
      celluloid (>= 0.15.1)
      celluloid-io (>= 0.15.0)
      http (>= 0.5.0)
      http_parser.rb (>= 0.6.0.beta.2)
      websocket_parser (>= 0.1.4)
    rspec (2.14.1)
      rspec-core (~> 2.14.0)
      rspec-expectations (~> 2.14.0)
      rspec-mocks (~> 2.14.0)
    rspec-core (2.14.7)
    rspec-expectations (2.14.4)
      diff-lcs (>= 1.1.3, < 2.0)
    rspec-mocks (2.14.4)
    thread_safe (0.1.3)
      atomic
    timers (1.1.0)
    tzinfo (0.3.38)
    websocket_parser (0.1.4)
      http

PLATFORMS
  ruby

DEPENDENCIES
  celluloid-http
  reel
  rspec
  rspec-mocks
